GEM
  remote: https://rubygems.org/
  specs:
    dotenv (2.0.1)
    json (1.8.3)
    pg (0.18.2)
    puma (2.11.3)
      rack (>= 1.1, < 2.0)
    rack (1.6.4)
    rack-contrib (1.2.0)
      rack (>= 0.9.1)
    rack-protection (1.5.3)
      rack
    rack-throttle (0.4.0)
      rack (>= 1.0.0)
    rake (10.4.2)
    redis (3.2.1)
    redis-objects (1.2.0)
      redis (>= 3.0.2)
    sequel (4.23.0)
    sinatra (1.4.6)
      rack (~> 1.4)
      rack-protection (~> 1.4)
      tilt (>= 1.3, < 3)
    tilt (2.0.1)
    will_paginate (3.0.7)

PLATFORMS
  ruby

DEPENDENCIES
  dotenv
  json
  pg
  puma
  rack
  rack-contrib
  rack-throttle
  rake
  redis
  redis-objects
  sequel
  sinatra
  will_paginate

BUNDLED WITH
   1.10.2
